GEM
  remote: https://rubygems.org/
  specs:
    slop (4.2.0)
    uuidtools (2.1.5)

PLATFORMS
  ruby

DEPENDENCIES
  slop
  uuidtools

BUNDLED WITH
   1.10.6
